PATH
  remote: .
  specs:
    address_tokens (0.2.0)

GEM
  remote: https://rubygems.org/
  specs:
    concurrent-ruby (1.0.5)
    i18n (0.9.1)
      concurrent-ruby (~> 1.0)
    minitest (5.10.3)
    rake (10.0.4)

PLATFORMS
  ruby

DEPENDENCIES
  address_tokens!
  bundler (~> 1.16)
  i18n (~> 0.7)
  minitest (~> 5.0)
  rake (~> 10.0)

BUNDLED WITH
   1.16.1
